GEM
  specs:
    childprocess (3.0.0)
    iniparse (1.5.0)
    overcommit (0.52.1)
      childprocess (>= 0.6.3, < 4)
      iniparse (~> 1.4)

PLATFORMS
  ruby

DEPENDENCIES
  overcommit

BUNDLED WITH
   2.1.4
