GEM
  specs:
    childprocess (1.0.1)
      rake (< 13.0)
    iniparse (1.4.4)
    overcommit (0.49.0)
      childprocess (>= 0.6.3, < 2.0)
      iniparse (~> 1.4)
    rake (12.3.3)

PLATFORMS
  ruby

DEPENDENCIES
  overcommit

BUNDLED WITH
   1.17.3
